GEM
  remote: http://rubygems.org/
  specs:
    rack (1.1.0)
    sinatra (1.1.2)
      rack (~> 1.1)
      tilt (~> 1.2)
    tilt (1.2.2)

PLATFORMS
  ruby
  x86-mingw32

DEPENDENCIES
  sinatra
